GIT
  remote: git://github.com/siuying/motion-dryer.git
  revision: 839c2e3ad79ef814a6c9c3d440ea87abec52a936
  ref: 839c2e3
  specs:
    motion-dryer (0.0.1)

GEM
  remote: http://rubygems.org/
  specs:
    activesupport (3.2.6)
      i18n (~> 0.6)
      multi_json (~> 1.0)
    addressable (2.2.8)
    bubble-wrap (1.1.2)
    cocoapods (0.9.2)
      activesupport (~> 3.2.6)
      colored (~> 1.2)
      escape (~> 0.0.4)
      faraday (~> 0.8.1)
      json (~> 1.7.3)
      octokit (~> 1.7.0)
      open4 (~> 1.3.0)
      rake (~> 0.9.0)
      xcodeproj (>= 0.3.0)
    colored (1.2)
    escape (0.0.4)
    faraday (0.8.1)
      multipart-post (~> 1.1)
    faraday_middleware (0.8.8)
      faraday (>= 0.7.4, < 0.9)
    formotion (0.5.1)
      bubble-wrap (>= 1.1.2)
    hashie (1.2.0)
    i18n (0.6.0)
    json (1.7.3)
    motion-cocoapods (1.1.0)
      cocoapods (>= 0.9.1)
    motion-redgreen (0.1.0)
    multi_json (1.3.6)
    multipart-post (1.1.5)
    octokit (1.7.0)
      addressable (~> 2.2)
      faraday (~> 0.8)
      faraday_middleware (~> 0.8)
      hashie (~> 1.2)
      multi_json (~> 1.3)
    open4 (1.3.0)
    rake (0.9.2.2)
    routable (0.0.2)
    xcodeproj (0.3.1)
      activesupport (~> 3.2.6)

PLATFORMS
  ruby

DEPENDENCIES
  bubble-wrap (~> 1.1.0)
  formotion (~> 0.5.1)
  motion-cocoapods
  motion-dryer!
  motion-redgreen
  routable (~> 0.0.2)
