GIT
  remote: git://github.com/siuying/motion-dryer.git
  revision: 839c2e3ad79ef814a6c9c3d440ea87abec52a936
  ref: 839c2e3
  specs:
    motion-dryer (0.0.1)

GEM
  remote: http://rubygems.org/
  specs:
    bubble-wrap (1.1.2)
    formotion (0.5.1)
      bubble-wrap (>= 1.1.2)
    motion-redgreen (0.1.0)

PLATFORMS
  ruby

DEPENDENCIES
  bubble-wrap (~> 1.1.0)
  formotion (~> 0.5.1)
  motion-dryer!
  motion-redgreen
